GEM
  remote: http://rubygems.org/
  specs:
    builder (3.0.0)
    cucumber (1.0.0)
      builder (>= 2.1.2)
      diff-lcs (>= 1.1.2)
      gherkin (~> 2.4.1)
      json (>= 1.4.6)
      term-ansicolor (>= 1.0.5)
    diff-lcs (1.1.2)
    gherkin (2.4.1)
      json (>= 1.4.6)
    growl_notify (0.0.1)
      rb-appscript
    guard (0.6.3)
      thor (~> 0.14.6)
    guard-cucumber (0.6.2)
      cucumber (>= 0.10)
      guard (>= 0.4.0)
    guard-rspec (0.4.4)
      guard (>= 0.4.0)
    json (1.5.3)
    rb-appscript (0.6.1)
    rspec (2.6.0)
      rspec-core (~> 2.6.0)
      rspec-expectations (~> 2.6.0)
      rspec-mocks (~> 2.6.0)
    rspec-core (2.6.4)
    rspec-expectations (2.6.0)
      diff-lcs (~> 1.1.2)
    rspec-mocks (2.6.0)
    term-ansicolor (1.0.5)
    thor (0.14.6)

PLATFORMS
  ruby

DEPENDENCIES
  cucumber
  growl_notify
  guard-cucumber
  guard-rspec
  rspec
